GEM
  remote: http://rubygems.org/
  specs:
    actionmailer (2.3.11)
      actionpack (= 2.3.11)
    actionpack (2.3.11)
      activesupport (= 2.3.11)
      rack (~> 1.1.0)
    activerecord (2.3.11)
      activesupport (= 2.3.11)
    activerecord-postgresql-adapter (0.0.1)
      pg
    activeresource (2.3.11)
      activesupport (= 2.3.11)
    activesupport (2.3.11)
    declarative_authorization (0.5.1)
    diff-lcs (1.1.3)
    hoe (3.3.1)
      rake (>= 0.8, < 11.0)
    i18n (0.4.2)
    mime-types (1.19)
    pg (0.14.1)
    pg (0.14.1-x86-mingw32)
    rack (1.1.3)
    rails (2.3.11)
      actionmailer (= 2.3.11)
      actionpack (= 2.3.11)
      activerecord (= 2.3.11)
      activeresource (= 2.3.11)
      activesupport (= 2.3.11)
      rake (>= 0.8.3)
    rake (0.8.7)
    rest-client (1.6.7)
      mime-types (>= 1.16)
    rspec (2.12.0)
      rspec-core (~> 2.12.0)
      rspec-expectations (~> 2.12.0)
      rspec-mocks (~> 2.12.0)
    rspec-core (2.12.2)
    rspec-expectations (2.12.1)
      diff-lcs (~> 1.1.3)
    rspec-mocks (2.12.0)
    searchlogic (2.4.27)
      activerecord (>= 2.0.0)
    sequel (3.20.0)
    sinatra (1.0)
      rack (>= 1.0)
    sqlite3 (1.3.6)
    sqlite3 (1.3.6-x86-mingw32)
    taps (0.3.24)
      rack (>= 1.0.1)
      rest-client (>= 1.4.0, < 1.7.0)
      sequel (~> 3.20.0)
      sinatra (~> 1.0.0)
    test-unit (1.2.3)
      hoe (>= 1.5.1)

PLATFORMS
  ruby
  x86-mingw32

DEPENDENCIES
  activerecord-postgresql-adapter
  declarative_authorization (= 0.5.1)
  i18n (= 0.4.2)
  rails (= 2.3.11)
  rake (= 0.8.7)
  rspec
  searchlogic (= 2.4.27)
  sqlite3
  taps
  test-unit (= 1.2.3)
